GEM
  remote: https://rubygems.org/
  specs:
    coderay (1.1.3)
    csv (3.2.5)
    dotenv (2.8.1)
    ipaddr (1.2.4)
    method_source (1.0.0)
    pry (0.14.1)
      coderay (~> 1.1)
      method_source (~> 1.0)

PLATFORMS
  arm64-darwin-21

DEPENDENCIES
  csv (~> 3.2)
  dotenv (~> 2.8)
  ipaddr (~> 1.2)
  pry (~> 0.14.1)

BUNDLED WITH
   2.2.3
